PATH
  remote: ..
  specs:
    committee (2.0.1)
      json_schema (~> 0.14, >= 0.14.3)
      rack (>= 1.5)

GEM
  remote: https://rubygems.org/
  specs:
    json_schema (0.17.2)
    mustermann (1.0.2)
    rack (2.0.4)
    rack-protection (2.0.1)
      rack
    sinatra (2.0.1)
      mustermann (~> 1.0)
      rack (~> 2.0)
      rack-protection (= 2.0.1)
      tilt (~> 2.0)
    tilt (2.0.8)

PLATFORMS
  ruby

DEPENDENCIES
  committee!
  sinatra
